GEM
  remote: https://rubygems.org/
  specs:
    activesupport (5.0.0.1)
      concurrent-ruby (~> 1.0, >= 1.0.2)
      i18n (~> 0.7)
      minitest (~> 5.1)
      tzinfo (~> 1.1)
    addressable (2.5.0)
      public_suffix (~> 2.0, >= 2.0.2)
    ast (2.3.0)
    autoprefixer-rails (6.5.4)
      execjs
    bigdecimal (1.2.8)
    bitters (1.5.0)
      bourbon (~> 5.0.0.beta.7)
      sass (~> 3.4)
      thor (~> 0.19)
    bourbon (5.0.0.beta.7)
      sass (~> 3.4.22)
      thor (~> 0.19.1)
    bundle (0.0.1)
      bundler
    colorator (1.1.0)
    colored (1.2)
    concurrent-ruby (1.0.2)
    did_you_mean (1.0.2)
    ethon (0.10.1)
      ffi (>= 1.3.0)
    execjs (2.7.0)
    extras (0.1.0)
      forwardable-extended (~> 2.5)
    fastimage (2.0.1)
      addressable (~> 2)
    ffi (1.9.14)
    forwardable-extended (2.6.0)
    html-proofer (3.4.0)
      activesupport (>= 4.2, < 6.0)
      addressable (~> 2.3)
      colored (~> 1.2)
      mercenary (~> 0.3.2)
      nokogiri (~> 1.5)
      parallel (~> 1.3)
      typhoeus (~> 0.7)
      yell (~> 2.0)
    i18n (0.7.0)
    io-console (0.4.6)
    jekyll (3.3.1)
      addressable (~> 2.4)
      colorator (~> 1.0)
      jekyll-sass-converter (~> 1.0)
      jekyll-watch (~> 1.1)
      kramdown (~> 1.3)
      liquid (~> 3.0)
      mercenary (~> 0.3.3)
      pathutil (~> 0.9)
      rouge (~> 1.7)
      safe_yaml (~> 1.0)
    jekyll-assets (2.2.8)
      extras (~> 0.1)
      fastimage (~> 2.0, >= 1.8)
      jekyll (~> 3.1, >= 3.0)
      pathutil (>= 0.8)
      rack (> 1, < 2)
      sprockets (~> 3.3, < 3.7)
    jekyll-feed (0.8.0)
      jekyll (~> 3.3)
    jekyll-redirect-from (0.11.0)
      jekyll (>= 2.0)
    jekyll-sass-converter (1.5.0)
      sass (~> 3.4)
    jekyll-seo-tag (2.1.0)
      jekyll (~> 3.3)
    jekyll-sitemap (0.12.0)
      jekyll (~> 3.3)
    jekyll-tagging (1.0.1)
      ruby-nuggets
    jekyll-watch (1.5.0)
      listen (~> 3.0, < 3.1)
    jekyll_version_plugin (2.0.0)
    json (2.0.2)
    kramdown (1.13.1)
    liquid (3.0.6)
    liquid-md5 (0.0.2)
      liquid (>= 2.5, < 4.0)
    liquid_reading_time (1.1.2)
      liquid (>= 2.6, < 4.0)
      nokogiri (~> 1.6)
    listen (3.0.8)
      rb-fsevent (~> 0.9, >= 0.9.4)
      rb-inotify (~> 0.9, >= 0.9.7)
    mercenary (0.3.6)
    mini_magick (4.6.0)
    mini_portile2 (2.1.0)
    minitest (5.10.1)
    neat (1.8.0)
      sass (>= 3.3)
      thor (~> 0.19)
    net-telnet (0.1.1)
    nokogiri (1.6.8.1)
      mini_portile2 (~> 2.1.0)
    nuggets (1.0.0)
    octopress-code-highlighter (4.3.0)
      jekyll (~> 3.0)
    octopress-gist (1.3.5)
      octopress-code-highlighter (~> 4.2)
    octopress-pullquote-tag (1.0.1)
      jekyll
      rubypants-unicode
    octopress-quote-tag (1.0.4)
      jekyll
      rubypants
    parallel (1.10.0)
    parser (2.3.3.1)
      ast (~> 2.2)
    pathutil (0.14.0)
      forwardable-extended (~> 2.6)
    power_assert (0.4.1)
    powerpack (0.1.1)
    psych (2.2.2)
    public_suffix (2.0.4)
    rack (1.6.5)
    rainbow (2.1.0)
    rake (12.0.0)
    rb-fsevent (0.9.8)
    rb-inotify (0.9.7)
      ffi (>= 0.5.0)
    rdoc (5.0.0)
    rouge (1.11.1)
    rubocop (0.46.0)
      parser (>= 2.3.1.1, < 3.0)
      powerpack (~> 0.1)
      rainbow (>= 1.99.1, < 3.0)
      ruby-progressbar (~> 1.7)
      unicode-display_width (~> 1.0, >= 1.0.1)
    ruby-nuggets (1.0.0)
      nuggets (= 1.0.0)
    ruby-progressbar (1.8.1)
    rubypants (0.6.0)
    rubypants-unicode (0.2.5)
    safe_yaml (1.0.4)
    sass (3.4.22)
    scss_lint (0.51.0)
      rake (>= 0.9, < 13)
      sass (~> 3.4.20)
    sprockets (3.6.3)
      concurrent-ruby (~> 1.0)
      rack (> 1, < 3)
    test-unit (3.2.3)
      power_assert
    thor (0.19.4)
    thread_safe (0.3.5)
    typhoeus (0.8.0)
      ethon (>= 0.8.0)
    tzinfo (1.2.2)
      thread_safe (~> 0.1)
    unicode-display_width (1.1.2)
    yell (2.0.7)

PLATFORMS
  ruby

DEPENDENCIES
  autoprefixer-rails (>= 6.3.6)
  bigdecimal (>= 1.2.8)
  bitters (>= 1.3.1)
  bourbon (>= 5.0.0.beta.5)
  bundle (>= 0.0.1)
  bundler (>= 1.12.3)
  did_you_mean (>= 1.0.0)
  html-proofer (>= 3.0.5)
  io-console (>= 0.4.5)
  jekyll (>= 3.1.3)
  jekyll-assets (>= 2.2.5)
  jekyll-feed (>= 0.5.1)
  jekyll-redirect-from (>= 0.10.0)
  jekyll-seo-tag (>= 1.4.0)
  jekyll-sitemap (>= 0.10.0)
  jekyll-tagging (>= 1.0.1)
  jekyll_version_plugin (>= 1.0.2)
  json (>= 1.8.3)
  liquid-md5 (>= 0.0.2)
  liquid_reading_time (>= 1.1.1)
  mini_magick (>= 4.5.1)
  minitest (>= 5.8.4)
  neat (>= 1.7.4)
  net-telnet (>= 0.1.1)
  octopress-gist (>= 1.3.5)
  octopress-pullquote-tag (>= 1.0.1)
  octopress-quote-tag (>= 1.0.4)
  power_assert (>= 0.3.0)
  psych (>= 2.0.17)
  rake (>= 11.1.2)
  rdoc (>= 4.2.2)
  rubocop (>= 0.39.0)
  scss_lint (>= 0.48.0)
  test-unit (>= 3.1.8)

BUNDLED WITH
   1.13.6
