GEM
  remote: https://rubygems.org/
  specs:
    activesupport (4.2.6)
      i18n (~> 0.7)
      json (~> 1.7, >= 1.7.7)
      minitest (~> 5.1)
      thread_safe (~> 0.3, >= 0.3.4)
      tzinfo (~> 1.1)
    addressable (2.4.0)
    ast (2.2.0)
    autoprefixer-rails (6.3.6)
      execjs
    bigdecimal (1.2.8)
    bitters (1.3.1)
      bourbon (>= 5.0.0.beta.3)
      sass (~> 3.4)
      thor (~> 0.19)
    bourbon (5.0.0.beta.5)
      sass (~> 3.4)
      thor (~> 0.19)
    bundle (0.0.1)
      bundler
    colorator (0.1)
    colored (1.2)
    css_press (0.3.2)
      csspool-st (= 3.1.2)
      json
    csspool-st (3.1.2)
    did_you_mean (1.0.0)
    ethon (0.9.0)
      ffi (>= 1.3.0)
    execjs (2.6.0)
    ffi (1.9.10)
    font-awesome-sass (4.6.2)
      sass (>= 3.2)
    html-proofer (3.0.5)
      activesupport (~> 4.2)
      addressable (~> 2.3)
      colored (~> 1.2)
      mercenary (~> 0.3.2)
      nokogiri (~> 1.5)
      parallel (~> 1.3)
      typhoeus (~> 0.7)
      yell (~> 2.0)
    html_press (0.8.2)
      htmlentities
      multi_css (>= 0.1.0)
      multi_js (>= 0.1.0)
    htmlentities (4.3.4)
    i18n (0.7.0)
    io-console (0.4.5)
    jekyll (3.1.3)
      colorator (~> 0.1)
      jekyll-sass-converter (~> 1.0)
      jekyll-watch (~> 1.1)
      kramdown (~> 1.3)
      liquid (~> 3.0)
      mercenary (~> 0.3.3)
      rouge (~> 1.7)
      safe_yaml (~> 1.0)
    jekyll-feed (0.5.1)
    jekyll-redirect-from (0.10.0)
      jekyll (>= 2.0)
    jekyll-sass-converter (1.4.0)
      sass (~> 3.4)
    jekyll-tagging (1.0.1)
      ruby-nuggets
    jekyll-watch (1.4.0)
      listen (~> 3.0, < 3.1)
    jekyll_version_plugin (1.0.2)
    json (1.8.3)
    kramdown (1.11.1)
    liquid (3.0.6)
    liquid_pluralize (1.0.2)
      liquid (>= 2.6, < 4.0)
    liquid_reading_time (1.1.2)
      liquid (>= 2.6, < 4.0)
      nokogiri (~> 1.6)
    listen (3.0.7)
      rb-fsevent (>= 0.9.3)
      rb-inotify (>= 0.9.7)
    mercenary (0.3.6)
    mini_portile2 (2.0.0)
    minitest (5.8.4)
    multi_css (0.1.0)
      css_press
    multi_js (0.1.0)
      uglifier (~> 2)
    neat (1.7.4)
      bourbon (>= 4.0)
      sass (>= 3.3)
    net-telnet (0.1.1)
    nokogiri (1.6.7.2)
      mini_portile2 (~> 2.0.0.rc2)
    nuggets (1.0.0)
    octopress-autoprefixer (2.0.0)
      autoprefixer-rails
      jekyll (~> 3.0)
    octopress-code-highlighter (4.3.0)
      jekyll (~> 3.0)
    octopress-date-format (3.0.3)
      jekyll (>= 2.0)
    octopress-gist (1.3.5)
      octopress-code-highlighter (~> 4.2)
    octopress-hooks (2.6.1)
      jekyll (>= 2.0)
    octopress-minify-html (1.3.1)
      html_press (~> 0.8)
      jekyll (>= 2.0)
      octopress-hooks
    octopress-pullquote-tag (1.0.1)
      jekyll
      rubypants-unicode
    octopress-quote-tag (1.0.4)
      jekyll
      rubypants
    octopress-social (1.4.5)
      jekyll (>= 2.0)
    parallel (1.8.0)
    parser (2.3.1.0)
      ast (~> 2.2)
    power_assert (0.3.0)
    powerpack (0.1.1)
    psych (2.0.17)
    rainbow (2.1.0)
    rake (11.1.2)
    rb-fsevent (0.9.7)
    rb-inotify (0.9.7)
      ffi (>= 0.5.0)
    rdoc (4.2.2)
      json (~> 1.4)
    rouge (1.10.1)
    rubocop (0.39.0)
      parser (>= 2.3.0.7, < 3.0)
      powerpack (~> 0.1)
      rainbow (>= 1.99.1, < 3.0)
      ruby-progressbar (~> 1.7)
      unicode-display_width (~> 1.0, >= 1.0.1)
    ruby-nuggets (1.0.0)
      nuggets (= 1.0.0)
    ruby-progressbar (1.8.0)
    rubypants (0.2.0)
    rubypants-unicode (0.2.5)
    safe_yaml (1.0.4)
    sass (3.4.22)
    scss_lint (0.48.0)
      rake (>= 0.9, < 12)
      sass (~> 3.4.15)
    test-unit (3.1.8)
      power_assert
    thor (0.19.1)
    thread_safe (0.3.5)
    typhoeus (0.8.0)
      ethon (>= 0.8.0)
    tzinfo (1.2.2)
      thread_safe (~> 0.1)
    uglifier (2.7.2)
      execjs (>= 0.3.0)
      json (>= 1.8.0)
    unicode-display_width (1.0.5)
    yell (2.0.6)

PLATFORMS
  ruby

DEPENDENCIES
  autoprefixer-rails (>= 6.3.6)
  bigdecimal (>= 1.2.8)
  bitters (>= 1.3.1)
  bourbon (>= 5.0.0.beta.5)
  bundle (>= 0.0.1)
  bundler (>= 1.12.3)
  did_you_mean (>= 1.0.0)
  font-awesome-sass (>= 4.6.2)
  html-proofer (>= 3.0.5)
  io-console (>= 0.4.5)
  jekyll (>= 3.1.3)
  jekyll-feed (>= 0.5.1)
  jekyll-redirect-from (>= 0.10.0)
  jekyll-tagging (>= 1.0.1)
  jekyll_version_plugin (>= 1.0.2)
  json (>= 1.8.3)
  liquid_pluralize (>= 1.0.1)
  liquid_reading_time (>= 1.1.1)
  minitest (>= 5.8.4)
  neat (>= 1.7.4)
  net-telnet (>= 0.1.1)
  octopress-autoprefixer (>= 2.0.0)
  octopress-date-format (>= 3.0.3)
  octopress-gist (>= 1.3.5)
  octopress-minify-html (>= 1.3.1)
  octopress-pullquote-tag (>= 1.0.1)
  octopress-quote-tag (>= 1.0.4)
  octopress-social (>= 1.4.5)
  power_assert (>= 0.3.0)
  psych (>= 2.0.17)
  rake (>= 11.1.2)
  rdoc (>= 4.2.2)
  rubocop (>= 0.39.0)
  scss_lint (>= 0.48.0)
  test-unit (>= 3.1.8)

BUNDLED WITH
   1.12.3
